GEM
  remote: https://rubygems.org/
  specs:
    diff-lcs (1.2.5)
    rack (1.6.4)
    rspec (3.4.0)
      rspec-core (~> 3.4.0)
      rspec-expectations (~> 3.4.0)
      rspec-mocks (~> 3.4.0)
    rspec-core (3.4.1)
      rspec-support (~> 3.4.0)
    rspec-expectations (3.4.0)
      diff-lcs (>= 1.2.0, < 2.0)
      rspec-support (~> 3.4.0)
    rspec-mocks (3.4.1)
      diff-lcs (>= 1.2.0, < 2.0)
      rspec-support (~> 3.4.0)
    rspec-support (3.4.1)
    torquebox (4.0.0.beta2-java)
      torquebox-caching (= 4.0.0.beta2)
      torquebox-core (= 4.0.0.beta2)
      torquebox-messaging (= 4.0.0.beta2)
      torquebox-scheduling (= 4.0.0.beta2)
      torquebox-web (= 4.0.0.beta2)
    torquebox-caching (4.0.0.beta2-java)
      torquebox-core (= 4.0.0.beta2)
    torquebox-core (4.0.0.beta2-java)
    torquebox-messaging (4.0.0.beta2-java)
      torquebox-core (= 4.0.0.beta2)
    torquebox-scheduling (4.0.0.beta2-java)
      torquebox-core (= 4.0.0.beta2)
    torquebox-web (4.0.0.beta2-java)
      rack (>= 1.4.0, < 2.0)
      torquebox-core (= 4.0.0.beta2)

PLATFORMS
  java

DEPENDENCIES
  rspec
  torquebox (= 4.0.0.beta2)

BUNDLED WITH
   1.11.2
